GIT
  remote: https://github.com/thomasfl/filewatcher
  revision: 194fa53fe893514974a933d551bbc118beff3920
  specs:
    filewatcher (0.5.4)
      trollop (~> 2.1.2)

GEM
  remote: https://rubygems.org/
  specs:
    trollop (2.1.2)

PLATFORMS
  ruby

DEPENDENCIES
  filewatcher!

BUNDLED WITH
   1.15.4
