GEM
  remote: https://rubygems.org/
  specs:
    filewatcher (0.5.4)
      trollop (~> 2.0)
    trollop (2.1.2)

PLATFORMS
  ruby

DEPENDENCIES
  filewatcher (= 0.5.4)

BUNDLED WITH
   1.15.4
